GEM
  remote: http://rubygems.org/
  specs:
    chunky_png (1.3.5)
    docile (1.1.5)
    ethon (0.8.0)
      ffi (>= 1.3.0)
    ffi (1.9.10)
    json (1.8.3)
    mini_portile2 (2.0.0)
    nokogiri (1.6.7)
      mini_portile2 (~> 2.0.0.rc2)
    phantomjs (1.9.8.0)
    power_assert (0.2.6)
    screencap (0.1.4)
      phantomjs
    simplecov (0.10.0)
      docile (~> 1.1.0)
      json (~> 1.8)
      simplecov-html (~> 0.10.0)
    simplecov-html (0.10.0)
    sitemap-parser (0.2.1)
      nokogiri (~> 1.6)
      typhoeus (~> 0.6)
    test-unit (3.1.5)
      power_assert
    typhoeus (0.8.0)
      ethon (>= 0.8.0)

PLATFORMS
  ruby

DEPENDENCIES
  chunky_png (= 1.3.5)
  screencap (= 0.1.4)
  simplecov (~> 0.10.0)
  sitemap-parser (= 0.2.1)
  test-unit (~> 3.1.5)

BUNDLED WITH
   1.10.6
