GEM
  remote: http://rubygems.org/
  specs:
    chunky_png (1.3.11)
    docile (1.4.0)
    ethon (0.14.0)
      ffi (>= 1.15.0)
    ffi (1.15.4)
    mini_portile2 (2.8.0)
    nokogiri (1.13.4)
      mini_portile2 (~> 2.8.0)
      racc (~> 1.4)
    phantomjs (2.1.1.0)
    power_assert (2.0.1)
    racc (1.6.0)
    screencap (0.1.4)
      phantomjs
    simplecov (0.18.5)
      docile (~> 1.1)
      simplecov-html (~> 0.11)
    simplecov-html (0.12.3)
    sitemap-parser (0.4.0)
      nokogiri (~> 1.6)
      typhoeus (~> 0.6)
    test-unit (3.3.9)
      power_assert
    typhoeus (0.8.0)
      ethon (>= 0.8.0)

PLATFORMS
  ruby

DEPENDENCIES
  chunky_png (= 1.3.11)
  screencap (= 0.1.4)
  simplecov (~> 0.18.5)
  sitemap-parser (= 0.4.0)
  test-unit (~> 3.3.5)

BUNDLED WITH
   1.17.3
